RESTRICTION: >= net452
NUGET
  remote: https://www.nuget.org/api/v2
    FAKE (4.56)
    GitVersion.CommandLine (3.6.5)
    GreenPipes (2.1.1)
    Lambda2Js.Signed (3.1.3) - restriction: || (&& (>= net452) (>= netcoreapp2.1)) (&& (>= net452) (>= netcoreapp3.1)) (&& (>= net452) (>= netstandard2.0)) (&& (>= net452) (>= netstandard2.1))
    MassTransit (5.1.4)
      GreenPipes (>= 2.1.1)
      NewId (>= 3.0.1)
      Newtonsoft.Json (>= 11.0.2)
      Newtonsoft.Json.Bson (>= 1.0.1)
      System.Reflection.Emit.Lightweight (>= 4.3)
      System.ValueTuple (>= 4.4)
    MassTransit.TestFramework (5.1.4)
      GreenPipes (>= 2.1.1)
      MassTransit (>= 5.1.4)
      NewId (>= 3.0.1)
      Newtonsoft.Json (>= 11.0.2)
      NUnit (>= 3.10.1)
    Microsoft.AspNetCore.JsonPatch (6.0) - restriction: || (&& (>= net452) (>= netcoreapp2.1)) (&& (>= net452) (>= netcoreapp3.1)) (&& (>= net452) (>= netstandard2.0)) (&& (>= net452) (>= netstandard2.1))
      Microsoft.CSharp (>= 4.7) - restriction: || (&& (>= net452) (>= netstandard2.0)) (>= net461)
      Newtonsoft.Json (>= 13.0.1) - restriction: || (&& (>= net452) (>= netstandard2.0)) (>= net461)
    Microsoft.Bcl.AsyncInterfaces (6.0) - restriction: || (&& (>= net452) (>= netcoreapp2.1)) (&& (>= net452) (>= netcoreapp3.1)) (&& (>= net452) (>= netstandard2.0)) (&& (>= net452) (>= netstandard2.1))
      System.Threading.Tasks.Extensions (>= 4.5.4) - restriction: || (&& (>= net452) (>= netstandard2.0)) (>= net461)
    Microsoft.Bcl.HashCode (1.1.1) - restriction: && (>= net452) (>= netstandard2.0)
    Microsoft.CSharp (4.7) - restriction: || (&& (>= net452) (>= netcoreapp2.1)) (&& (>= net452) (>= netcoreapp3.1)) (&& (>= net452) (>= netstandard2.0)) (&& (>= net452) (>= netstandard2.1))
    NewId (3.0.1)
    Newtonsoft.Json (13.0.1)
    Newtonsoft.Json.Bson (1.0.1)
      Newtonsoft.Json (>= 10.0.1)
    NUnit (3.10.1)
    NUnit.ConsoleRunner (3.6.1)
    NUnit.Extension.NUnitProjectLoader (3.5)
    NUnit.Extension.NUnitV2Driver (3.6)
    NUnit.Extension.NUnitV2ResultWriter (3.5)
    NUnit.Extension.TeamCityEventListener (1.0.2)
    NUnit.Extension.VSProjectLoader (3.5)
    NUnit.Runners (3.6.1)
      NUnit.ConsoleRunner (>= 3.6.1)
      NUnit.Extension.NUnitProjectLoader (>= 3.5)
      NUnit.Extension.NUnitV2Driver (>= 3.6)
      NUnit.Extension.NUnitV2ResultWriter (>= 3.5)
      NUnit.Extension.TeamCityEventListener (>= 1.0.2)
      NUnit.Extension.VSProjectLoader (>= 3.5)
    RavenDB.Client (5.3)
      Lambda2Js.Signed (>= 3.1.3) - restriction: || (&& (>= net452) (>= netcoreapp2.1)) (&& (>= net452) (>= netcoreapp3.1)) (&& (>= net452) (>= netstandard2.0)) (&& (>= net452) (>= netstandard2.1))
      Microsoft.AspNetCore.JsonPatch (>= 5.0.12) - restriction: || (&& (>= net452) (>= netcoreapp2.1)) (&& (>= net452) (>= netcoreapp3.1)) (&& (>= net452) (>= netstandard2.0)) (&& (>= net452) (>= netstandard2.1))
      Microsoft.Bcl.AsyncInterfaces (>= 5.0) - restriction: || (&& (>= net452) (>= netcoreapp2.1)) (&& (>= net452) (>= netcoreapp3.1)) (&& (>= net452) (>= netstandard2.0)) (&& (>= net452) (>= netstandard2.1))
      Microsoft.Bcl.HashCode (>= 1.1.1) - restriction: && (>= net452) (>= netstandard2.0)
      Microsoft.CSharp (>= 4.7) - restriction: || (&& (>= net452) (>= netcoreapp2.1)) (&& (>= net452) (>= netcoreapp3.1)) (&& (>= net452) (>= netstandard2.0)) (&& (>= net452) (>= netstandard2.1))
      Newtonsoft.Json (>= 13.0.1) - restriction: || (&& (>= net452) (>= netcoreapp2.1)) (&& (>= net452) (>= netcoreapp3.1)) (&& (>= net452) (>= netstandard2.0)) (&& (>= net452) (>= netstandard2.1))
      System.Buffers (>= 4.5.1) - restriction: || (&& (>= net452) (>= netcoreapp2.1)) (&& (>= net452) (>= netcoreapp3.1)) (&& (>= net452) (>= netstandard2.0)) (&& (>= net452) (>= netstandard2.1))
      System.Memory (>= 4.5.4) - restriction: || (&& (>= net452) (>= netcoreapp2.1)) (&& (>= net452) (>= netcoreapp3.1)) (&& (>= net452) (>= netstandard2.0)) (&& (>= net452) (>= netstandard2.1))
      System.Runtime.CompilerServices.Unsafe (>= 5.0) - restriction: || (&& (>= net452) (>= netcoreapp2.1)) (&& (>= net452) (>= netcoreapp3.1)) (&& (>= net452) (>= netstandard2.0)) (&& (>= net452) (>= netstandard2.1))
      System.Runtime.InteropServices.RuntimeInformation (>= 4.3) - restriction: || (&& (>= net452) (>= netcoreapp2.1)) (&& (>= net452) (>= netcoreapp3.1)) (&& (>= net452) (>= netstandard2.0)) (&& (>= net452) (>= netstandard2.1))
      System.Security.Cryptography.Cng (>= 5.0) - restriction: || (&& (>= net452) (>= netcoreapp2.1)) (&& (>= net452) (>= netcoreapp3.1)) (&& (>= net452) (>= netstandard2.0)) (&& (>= net452) (>= netstandard2.1))
      System.Threading.Tasks.Extensions (>= 4.5.4) - restriction: || (&& (>= net452) (>= netcoreapp2.1)) (&& (>= net452) (>= netcoreapp3.1)) (&& (>= net452) (>= netstandard2.0)) (&& (>= net452) (>= netstandard2.1))
    RavenDB.Embedded (5.3)
      RavenDB.Client (>= 5.3) - restriction: || (&& (>= net452) (>= netstandard2.0)) (>= net461)
    Shouldly (2.8.2)
    System.Buffers (4.5.1) - restriction: || (&& (>= net452) (>= netcoreapp2.1)) (&& (>= net452) (>= netcoreapp3.1)) (&& (>= net452) (>= netstandard2.0)) (&& (>= net452) (>= netstandard2.1))
    System.IO (4.3) - restriction: || (&& (>= net452) (< net46) (< netstandard1.4) (>= netstandard2.0)) (&& (>= net452) (< net46) (< netstandard1.6) (>= netstandard2.0)) (&& (>= net452) (>= netcoreapp2.1) (< netstandard1.4)) (&& (>= net452) (>= netcoreapp2.1) (< netstandard1.6)) (&& (>= net452) (>= netcoreapp2.1) (< netstandard2.0)) (&& (>= net452) (>= netcoreapp3.1) (< netstandard1.4)) (&& (>= net452) (>= netcoreapp3.1) (< netstandard1.6)) (&& (>= net452) (>= netcoreapp3.1) (< netstandard2.0)) (&& (>= net452) (< netstandard1.4) (>= netstandard2.1)) (&& (>= net452) (< netstandard1.6) (>= netstandard2.1)) (&& (>= net452) (< netstandard2.0) (>= netstandard2.1)) (&& (>= net46) (>= netcoreapp2.1) (< netstandard1.4)) (&& (>= net46) (>= netcoreapp3.1) (< netstandard1.4)) (&& (>= net46) (< netstandard1.4) (>= netstandard2.1)) (&& (< net46) (>= net461) (< netstandard1.4) (>= netstandard2.0)) (&& (< net46) (>= net461) (< netstandard1.6) (>= netstandard2.0)) (&& (< net46) (>= net462) (< netstandard1.4) (>= netstandard2.0)) (&& (< net46) (>= net462) (< netstandard1.6) (>= netstandard2.0)) (&& (>= net461) (>= netcoreapp2.1) (< netstandard1.4)) (&& (>= net461) (>= netcoreapp2.1) (< netstandard1.6)) (&& (>= net461) (>= netcoreapp3.1) (< netstandard1.4)) (&& (>= net461) (>= netcoreapp3.1) (< netstandard1.6)) (&& (>= net461) (< netstandard1.4) (>= netstandard2.1)) (&& (>= net461) (< netstandard1.6) (>= netstandard2.1)) (&& (>= net462) (>= netcoreapp2.1) (< netstandard1.4)) (&& (>= net462) (>= netcoreapp2.1) (< netstandard1.6)) (&& (>= net462) (>= netcoreapp3.1) (< netstandard1.4)) (&& (>= net462) (>= netcoreapp3.1) (< netstandard1.6)) (&& (>= net462) (< netstandard1.4) (>= netstandard2.1)) (&& (>= net462) (< netstandard1.6) (>= netstandard2.1)) (&& (>= net463) (>= netcoreapp2.1) (< netstandard1.4)) (&& (>= net463) (>= netcoreapp2.1) (< netstandard1.6)) (&& (>= net463) (>= netcoreapp2.1) (< netstandard2.0)) (&& (>= net463) (>= netcoreapp3.1) (< netstandard1.4)) (&& (>= net463) (>= netcoreapp3.1) (< netstandard1.6)) (&& (>= net463) (>= netcoreapp3.1) (< netstandard2.0)) (&& (>= net463) (< netstandard1.4) (>= netstandard2.0)) (&& (>= net463) (< netstandard1.4) (>= netstandard2.1)) (&& (>= net463) (< netstandard1.6) (>= netstandard2.0)) (&& (>= net463) (< netstandard1.6) (>= netstandard2.1)) (&& (>= net463) (< netstandard2.0) (>= netstandard2.1)) (&& (>= net47) (>= netcoreapp2.1)) (&& (>= net47) (>= netcoreapp3.1)) (&& (>= net47) (>= netstandard2.0)) (&& (>= net47) (>= netstandard2.1))
    System.Memory (4.5.4) - restriction: || (&& (>= net452) (>= netcoreapp2.1)) (&& (>= net452) (>= netcoreapp3.1)) (&& (>= net452) (>= netstandard2.0)) (&& (>= net452) (>= netstandard2.1))
      System.Buffers (>= 4.5.1)
      System.Numerics.Vectors (>= 4.5) - restriction: >= net461
      System.Runtime.CompilerServices.Unsafe (>= 4.5.3)
    System.Numerics.Vectors (4.5) - restriction: || (&& (>= net461) (>= netcoreapp2.1)) (&& (>= net461) (>= netcoreapp3.1)) (&& (>= net461) (>= netstandard2.0)) (&& (>= net461) (>= netstandard2.1))
    System.Reflection.Emit.Lightweight (4.3)
    System.Runtime (4.3.1) - restriction: || (&& (>= net452) (< net46) (< netstandard1.4) (>= netstandard2.0)) (&& (>= net452) (< net46) (< netstandard1.6) (>= netstandard2.0)) (&& (>= net452) (>= netcoreapp2.1) (< netstandard1.4)) (&& (>= net452) (>= netcoreapp2.1) (< netstandard1.6)) (&& (>= net452) (>= netcoreapp2.1) (< netstandard2.0)) (&& (>= net452) (>= netcoreapp3.1) (< netstandard1.4)) (&& (>= net452) (>= netcoreapp3.1) (< netstandard1.6)) (&& (>= net452) (>= netcoreapp3.1) (< netstandard2.0)) (&& (>= net452) (< netstandard1.4) (>= netstandard2.1)) (&& (>= net452) (< netstandard1.6) (>= netstandard2.1)) (&& (>= net452) (< netstandard2.0) (>= netstandard2.1)) (&& (>= net46) (>= netcoreapp2.1) (< netstandard1.4)) (&& (>= net46) (>= netcoreapp3.1) (< netstandard1.4)) (&& (>= net46) (< netstandard1.4) (>= netstandard2.1)) (&& (< net46) (>= net461) (< netstandard1.4) (>= netstandard2.0)) (&& (< net46) (>= net461) (< netstandard1.6) (>= netstandard2.0)) (&& (< net46) (>= net462) (< netstandard1.4) (>= netstandard2.0)) (&& (< net46) (>= net462) (< netstandard1.6) (>= netstandard2.0)) (&& (>= net461) (>= netcoreapp2.1) (< netstandard1.4)) (&& (>= net461) (>= netcoreapp2.1) (< netstandard1.6)) (&& (>= net461) (>= netcoreapp3.1) (< netstandard1.4)) (&& (>= net461) (>= netcoreapp3.1) (< netstandard1.6)) (&& (>= net461) (< netstandard1.4) (>= netstandard2.1)) (&& (>= net461) (< netstandard1.6) (>= netstandard2.1)) (&& (>= net462) (>= netcoreapp2.1) (< netstandard1.4)) (&& (>= net462) (>= netcoreapp2.1) (< netstandard1.6)) (&& (>= net462) (>= netcoreapp3.1) (< netstandard1.4)) (&& (>= net462) (>= netcoreapp3.1) (< netstandard1.6)) (&& (>= net462) (< netstandard1.4) (>= netstandard2.1)) (&& (>= net462) (< netstandard1.6) (>= netstandard2.1)) (&& (>= net463) (>= netcoreapp2.1) (< netstandard1.4)) (&& (>= net463) (>= netcoreapp2.1) (< netstandard1.6)) (&& (>= net463) (>= netcoreapp2.1) (< netstandard2.0)) (&& (>= net463) (>= netcoreapp3.1) (< netstandard1.4)) (&& (>= net463) (>= netcoreapp3.1) (< netstandard1.6)) (&& (>= net463) (>= netcoreapp3.1) (< netstandard2.0)) (&& (>= net463) (< netstandard1.4) (>= netstandard2.0)) (&& (>= net463) (< netstandard1.4) (>= netstandard2.1)) (&& (>= net463) (< netstandard1.6) (>= netstandard2.0)) (&& (>= net463) (< netstandard1.6) (>= netstandard2.1)) (&& (>= net463) (< netstandard2.0) (>= netstandard2.1)) (&& (>= net47) (>= netcoreapp2.1)) (&& (>= net47) (>= netcoreapp3.1)) (&& (>= net47) (>= netstandard2.0)) (&& (>= net47) (>= netstandard2.1))
    System.Runtime.CompilerServices.Unsafe (6.0) - restriction: || (&& (>= net452) (>= netcoreapp2.1)) (&& (>= net452) (>= netcoreapp3.1)) (&& (>= net452) (>= netstandard2.0)) (&& (>= net452) (>= netstandard2.1))
    System.Runtime.InteropServices.RuntimeInformation (4.3) - restriction: || (&& (>= net452) (>= netcoreapp2.1)) (&& (>= net452) (>= netcoreapp3.1)) (&& (>= net452) (>= netstandard2.0)) (&& (>= net452) (>= netstandard2.1))
    System.Security.Cryptography.Algorithms (4.3.1) - restriction: || (&& (>= net452) (< net46) (< netstandard1.4) (>= netstandard2.0)) (&& (>= net452) (< net46) (< netstandard1.6) (>= netstandard2.0)) (&& (>= net452) (>= netcoreapp2.1) (< netstandard1.4)) (&& (>= net452) (>= netcoreapp2.1) (< netstandard1.6)) (&& (>= net452) (>= netcoreapp2.1) (< netstandard2.0)) (&& (>= net452) (>= netcoreapp3.1) (< netstandard1.4)) (&& (>= net452) (>= netcoreapp3.1) (< netstandard1.6)) (&& (>= net452) (>= netcoreapp3.1) (< netstandard2.0)) (&& (>= net452) (< netstandard1.4) (>= netstandard2.1)) (&& (>= net452) (< netstandard1.6) (>= netstandard2.1)) (&& (>= net452) (< netstandard2.0) (>= netstandard2.1)) (&& (>= net46) (>= netcoreapp2.1) (< netstandard1.4)) (&& (>= net46) (>= netcoreapp3.1) (< netstandard1.4)) (&& (>= net46) (< netstandard1.4) (>= netstandard2.0)) (&& (>= net46) (< netstandard1.4) (>= netstandard2.1)) (&& (>= net461) (< net462) (< netstandard1.6) (>= netstandard2.0)) (&& (>= net461) (>= netcoreapp2.1) (< netstandard1.6)) (&& (>= net461) (>= netcoreapp3.1) (< netstandard1.6)) (&& (>= net461) (< netstandard1.6) (>= netstandard2.1)) (&& (>= net462) (>= netcoreapp2.1) (< netstandard1.6)) (&& (>= net462) (>= netcoreapp3.1) (< netstandard1.6)) (&& (>= net462) (< netstandard1.6) (>= netstandard2.0)) (&& (>= net462) (< netstandard1.6) (>= netstandard2.1)) (&& (>= net47) (>= netcoreapp2.1)) (&& (>= net47) (>= netcoreapp3.1)) (&& (>= net47) (>= netstandard2.0)) (&& (>= net47) (>= netstandard2.1))
      System.IO (>= 4.3) - restriction: || (&& (>= net452) (< net46) (>= netstandard1.3) (< netstandard1.4)) (&& (>= net452) (< net46) (>= netstandard1.4) (< netstandard1.6)) (&& (>= net452) (< net46) (>= netstandard1.6)) (>= net463)
      System.Runtime (>= 4.3) - restriction: || (&& (>= net452) (< net46) (>= netstandard1.3) (< netstandard1.4)) (&& (>= net452) (< net46) (>= netstandard1.4) (< netstandard1.6)) (&& (>= net452) (< net46) (>= netstandard1.6)) (>= net463)
      System.Security.Cryptography.Encoding (>= 4.3) - restriction: || (&& (>= net452) (< net46) (>= netstandard1.6)) (>= net463)
      System.Security.Cryptography.Primitives (>= 4.3) - restriction: || (&& (>= net452) (< net46) (>= netstandard1.3) (< netstandard1.4)) (&& (>= net452) (< net46) (>= netstandard1.4) (< netstandard1.6)) (&& (>= net452) (< net46) (>= netstandard1.6)) (&& (>= net46) (< netstandard1.4)) (&& (>= net461) (< netstandard1.6)) (>= net463)
    System.Security.Cryptography.Cng (5.0) - restriction: || (&& (>= net452) (>= netcoreapp2.1)) (&& (>= net452) (>= netcoreapp3.1)) (&& (>= net452) (>= netstandard2.0)) (&& (>= net452) (>= netstandard2.1))
      System.Security.Cryptography.Algorithms (>= 4.3.1) - restriction: || (&& (>= net452) (< net46) (>= netstandard1.3) (< netstandard1.4)) (&& (>= net452) (< net46) (>= netstandard1.4) (< netstandard1.6)) (&& (>= net452) (< net46) (>= netstandard1.6) (< netstandard2.0)) (&& (>= net46) (< netstandard1.4)) (&& (>= net461) (< net462) (< netstandard1.6)) (&& (>= net462) (< netstandard1.6)) (>= net47)
    System.Security.Cryptography.Encoding (4.3) - restriction: || (&& (>= net452) (< net46) (< netstandard1.4) (>= netstandard2.0)) (&& (>= net452) (< net46) (< netstandard1.6) (>= netstandard2.0)) (&& (>= net452) (>= netcoreapp2.1) (< netstandard1.4)) (&& (>= net452) (>= netcoreapp2.1) (< netstandard1.6)) (&& (>= net452) (>= netcoreapp2.1) (< netstandard2.0)) (&& (>= net452) (>= netcoreapp3.1) (< netstandard1.4)) (&& (>= net452) (>= netcoreapp3.1) (< netstandard1.6)) (&& (>= net452) (>= netcoreapp3.1) (< netstandard2.0)) (&& (>= net452) (< netstandard1.4) (>= netstandard2.1)) (&& (>= net452) (< netstandard1.6) (>= netstandard2.1)) (&& (>= net452) (< netstandard2.0) (>= netstandard2.1)) (&& (>= net46) (>= netcoreapp2.1) (< netstandard1.4)) (&& (>= net46) (>= netcoreapp3.1) (< netstandard1.4)) (&& (>= net46) (< netstandard1.4) (>= netstandard2.1)) (&& (< net46) (>= net461) (< netstandard1.6) (>= netstandard2.0)) (&& (< net46) (>= net462) (< netstandard1.6) (>= netstandard2.0)) (&& (>= net461) (>= netcoreapp2.1) (< netstandard1.6)) (&& (>= net461) (>= netcoreapp3.1) (< netstandard1.6)) (&& (>= net461) (< netstandard1.6) (>= netstandard2.1)) (&& (>= net462) (>= netcoreapp2.1) (< netstandard1.6)) (&& (>= net462) (>= netcoreapp3.1) (< netstandard1.6)) (&& (>= net462) (< netstandard1.6) (>= netstandard2.1)) (&& (>= net463) (>= netcoreapp2.1) (< netstandard1.4)) (&& (>= net463) (>= netcoreapp2.1) (< netstandard1.6)) (&& (>= net463) (>= netcoreapp2.1) (< netstandard2.0)) (&& (>= net463) (>= netcoreapp3.1) (< netstandard1.4)) (&& (>= net463) (>= netcoreapp3.1) (< netstandard1.6)) (&& (>= net463) (>= netcoreapp3.1) (< netstandard2.0)) (&& (>= net463) (< netstandard1.4) (>= netstandard2.0)) (&& (>= net463) (< netstandard1.4) (>= netstandard2.1)) (&& (>= net463) (< netstandard1.6) (>= netstandard2.0)) (&& (>= net463) (< netstandard1.6) (>= netstandard2.1)) (&& (>= net463) (< netstandard2.0) (>= netstandard2.1)) (&& (>= net47) (>= netcoreapp2.1)) (&& (>= net47) (>= netcoreapp3.1)) (&& (>= net47) (>= netstandard2.0)) (&& (>= net47) (>= netstandard2.1))
    System.Security.Cryptography.Primitives (4.3) - restriction: || (&& (>= net452) (< net46) (< netstandard1.4) (>= netstandard2.0)) (&& (>= net452) (< net46) (< netstandard1.6) (>= netstandard2.0)) (&& (>= net452) (>= netcoreapp2.1) (< netstandard1.4)) (&& (>= net452) (>= netcoreapp2.1) (< netstandard1.6)) (&& (>= net452) (>= netcoreapp2.1) (< netstandard2.0)) (&& (>= net452) (>= netcoreapp3.1) (< netstandard1.4)) (&& (>= net452) (>= netcoreapp3.1) (< netstandard1.6)) (&& (>= net452) (>= netcoreapp3.1) (< netstandard2.0)) (&& (>= net452) (< netstandard1.4) (>= netstandard2.1)) (&& (>= net452) (< netstandard1.6) (>= netstandard2.1)) (&& (>= net452) (< netstandard2.0) (>= netstandard2.1)) (&& (>= net46) (>= netcoreapp2.1) (< netstandard1.4)) (&& (>= net46) (>= netcoreapp3.1) (< netstandard1.4)) (&& (>= net46) (< netstandard1.4) (>= netstandard2.0)) (&& (>= net46) (< netstandard1.4) (>= netstandard2.1)) (&& (< net46) (>= net461) (< netstandard1.6) (>= netstandard2.0)) (&& (>= net461) (< net462) (< netstandard1.6) (>= netstandard2.0)) (&& (>= net461) (>= netcoreapp2.1) (< netstandard1.4)) (&& (>= net461) (>= netcoreapp2.1) (< netstandard1.6)) (&& (>= net461) (>= netcoreapp3.1) (< netstandard1.4)) (&& (>= net461) (>= netcoreapp3.1) (< netstandard1.6)) (&& (>= net461) (< netstandard1.4) (>= netstandard2.0)) (&& (>= net461) (< netstandard1.4) (>= netstandard2.1)) (&& (>= net461) (< netstandard1.6) (>= netstandard2.1)) (&& (>= net462) (>= netcoreapp2.1) (< netstandard1.4)) (&& (>= net462) (>= netcoreapp2.1) (< netstandard1.6)) (&& (>= net462) (>= netcoreapp3.1) (< netstandard1.4)) (&& (>= net462) (>= netcoreapp3.1) (< netstandard1.6)) (&& (>= net462) (< netstandard1.4) (>= netstandard2.0)) (&& (>= net462) (< netstandard1.4) (>= netstandard2.1)) (&& (>= net462) (< netstandard1.6) (>= netstandard2.0)) (&& (>= net462) (< netstandard1.6) (>= netstandard2.1)) (&& (>= net463) (>= netcoreapp2.1) (< netstandard1.4)) (&& (>= net463) (>= netcoreapp2.1) (< netstandard1.6)) (&& (>= net463) (>= netcoreapp2.1) (< netstandard2.0)) (&& (>= net463) (>= netcoreapp3.1) (< netstandard1.4)) (&& (>= net463) (>= netcoreapp3.1) (< netstandard1.6)) (&& (>= net463) (>= netcoreapp3.1) (< netstandard2.0)) (&& (>= net463) (< netstandard1.4) (>= netstandard2.0)) (&& (>= net463) (< netstandard1.4) (>= netstandard2.1)) (&& (>= net463) (< netstandard1.6) (>= netstandard2.0)) (&& (>= net463) (< netstandard1.6) (>= netstandard2.1)) (&& (>= net463) (< netstandard2.0) (>= netstandard2.1)) (&& (>= net47) (>= netcoreapp2.1)) (&& (>= net47) (>= netcoreapp3.1)) (&& (>= net47) (>= netstandard2.0)) (&& (>= net47) (>= netstandard2.1))
    System.Threading.Tasks.Extensions (4.5.4) - restriction: || (&& (>= net452) (>= netcoreapp2.1)) (&& (>= net452) (>= netcoreapp3.1)) (&& (>= net452) (>= netstandard2.0)) (&& (>= net452) (>= netstandard2.1))
      System.Runtime.CompilerServices.Unsafe (>= 4.5.3)
    System.ValueTuple (4.5)
